GEM
  remote: https://rubygems.org/
  specs:
    backports (3.6.8)
    coffee-script (2.2.0)
      coffee-script-source
      execjs
    coffee-script-source (1.6.2)
    diff-lcs (1.2.5)
    execjs (1.4.0)
      multi_json (~> 1.0)
    haml (4.0.3)
      tilt
    mini_portile2 (2.0.0)
    multi_json (1.7.6)
    nokogiri (1.6.7.1)
      mini_portile2 (~> 2.0.0.rc2)
    puma (2.0.1)
      rack (>= 1.1, < 2.0)
    rack (1.5.2)
    rack-coffee (1.0.0)
      coffee-script
      rack
    rack-protection (1.5.0)
      rack
    rack-test (0.6.2)
      rack (>= 1.0)
    rspec (2.99.0)
      rspec-core (~> 2.99.0)
      rspec-expectations (~> 2.99.0)
      rspec-mocks (~> 2.99.0)
    rspec-core (2.99.2)
    rspec-expectations (2.99.2)
      diff-lcs (>= 1.1.3, < 2.0)
    rspec-mocks (2.99.4)
    sass (3.2.9)
    sinatra (1.4.3)
      rack (~> 1.4)
      rack-protection (~> 1.4)
      tilt (~> 1.3, >= 1.3.4)
    sinatra-contrib (1.4.1)
      backports (>= 2.0)
      multi_json
      rack-protection
      rack-test
      sinatra (~> 1.4.0)
      tilt (~> 1.3)
    sinatra-reloader (1.0)
      sinatra-contrib
    tilt (1.4.1)

PLATFORMS
  ruby

DEPENDENCIES
  haml
  nokogiri
  puma
  rack-coffee
  rspec (~> 2.14)
  sass
  sinatra
  sinatra-contrib
  sinatra-reloader

BUNDLED WITH
   1.10.6
